GEM
  remote: http://rubygems.org/
  specs:
    weatherhacks (0.2.0)

PLATFORMS
  ruby

DEPENDENCIES
  weatherhacks
